PATH
  remote: .
  specs:
    haddock_cli (0.1.0)

GEM
  remote: https://rubygems.org/
  specs:
    rake (12.3.0)

PLATFORMS
  ruby

DEPENDENCIES
  haddock_cli!
  rake (~> 12.0)

BUNDLED WITH
   2.1.4
